GEM
  remote: https://rubygems.org/
  specs:
    power_assert (1.1.3)
    rr (1.2.1)
    test-unit (3.3.0)
      power_assert
    test-unit-context (0.5.1)
      test-unit (>= 2.4.0)
    test-unit-full (0.0.5)
      test-unit
      test-unit-context
      test-unit-notify
      test-unit-rr
      test-unit-runner-tap
    test-unit-notify (1.0.4)
      test-unit (>= 2.4.9)
    test-unit-rr (1.0.5)
      rr (>= 1.1.1)
      test-unit (>= 2.5.2)
    test-unit-runner-tap (1.1.2)
      test-unit

PLATFORMS
  ruby

DEPENDENCIES
  test-unit-full (~> 0.0.5)

BUNDLED WITH
   1.16.5
